GEM
  remote: https://rubygems.org/
  specs:
    aws-sdk (2.2.0)
      aws-sdk-resources (= 2.2.0)
    aws-sdk-core (2.2.0)
      jmespath (~> 1.0)
    aws-sdk-resources (2.2.0)
      aws-sdk-core (= 2.2.0)
    jmespath (1.1.3)
    net-ssh (3.0.1)

PLATFORMS
  ruby

DEPENDENCIES
  aws-sdk (~> 2)
  net-ssh

BUNDLED WITH
   1.10.6
