GEM
  remote: https://rubygems.org/
  specs:
    aws-flow (3.1.0)
      aws-sdk-v1 (~> 1, >= 1.60.2)
      lru_redux (~> 0, >= 0.8.1)
    aws-sdk (2.2.0)
      aws-sdk-resources (= 2.2.0)
    aws-sdk-core (2.2.0)
      jmespath (~> 1.0)
    aws-sdk-resources (2.2.0)
      aws-sdk-core (= 2.2.0)
    aws-sdk-v1 (1.66.0)
      json (~> 1.4)
      nokogiri (>= 1.4.4)
    jmespath (1.1.3)
    json (1.8.3)
    lru_redux (0.8.4)
    mini_portile2 (2.0.0)
    net-ssh (3.0.1)
    nokogiri (1.6.7)
      mini_portile2 (~> 2.0.0.rc2)

PLATFORMS
  ruby

DEPENDENCIES
  aws-flow
  aws-sdk (~> 2)
  net-ssh

BUNDLED WITH
   1.10.6
